GEM
  remote: https://rubygems.org/
  specs:
    celluloid (0.16.0)
      timers (~> 4.0.0)
    ffi (1.9.10-x86-mingw32)
    hitimes (1.2.2-x86-mingw32)
    listen (2.10.1)
      celluloid (~> 0.16.0)
      rb-fsevent (>= 0.9.3)
      rb-inotify (>= 0.9)
    rb-fsevent (0.9.6)
    rb-inotify (0.9.5)
      ffi (>= 0.5.0)
    sass (3.4.18)
    sass-css-importer (1.0.0.beta.0)
      sass (>= 3.1)
    timers (4.0.4)
      hitimes

PLATFORMS
  x86-mingw32

DEPENDENCIES
  listen (~> 2.8)
  sass
  sass-css-importer

BUNDLED WITH
   1.10.6
